GEM
  remote: http://rubygems.org/
  specs:
    after_the_deadline (0.1.3)
      crack
    coderay (1.1.0)
    crack (0.4.2)
      safe_yaml (~> 1.0.0)
    method_source (0.8.2)
    pry (0.10.1-x86-mingw32)
      coderay (~> 1.1.0)
      method_source (~> 0.8.1)
      slop (~> 3.4)
      win32console (~> 1.3)
    safe_yaml (1.0.4)
    slop (3.6.0)
    win32console (1.3.2-x86-mingw32)

PLATFORMS
  x86-mingw32

DEPENDENCIES
  after_the_deadline
  pry

BUNDLED WITH
   1.10.3
